GEM
  remote: https://rubygems.org/
  specs:
    minitest (5.4.0)
    rake (10.3.2)

PLATFORMS
  x86-mingw32

DEPENDENCIES
  minitest
  rake (= 10.3.2)
